PATH
  remote: .
  specs:
    motion-takeoff (0.0.9)
      bubble-wrap (> 1.7.0)

GEM
  remote: https://rubygems.org/
  specs:
    bubble-wrap (1.9.6)
    rake (10.4.2)

PLATFORMS
  ruby

DEPENDENCIES
  motion-takeoff!
  rake

BUNDLED WITH
   1.14.4
